PATH
  remote: .
  specs:
    gearup (0.0.1)
      coffee-script (~> 2.2.0)
      haml (~> 3.1.7)
      less (~> 2.2.1)
      sass (~> 3.2.1)
      sprockets (~> 2.4.5)
      therubyracer (~> 0.10.2)
      thin (~> 1.4.1)

GEM
  remote: https://rubygems.org/
  specs:
    coffee-script (2.2.0)
      coffee-script-source
      execjs
    coffee-script-source (1.3.3)
    commonjs (0.2.6)
    daemons (1.1.9)
    eventmachine (0.12.10)
    execjs (1.4.0)
      multi_json (~> 1.0)
    haml (3.1.7)
    hike (1.2.1)
    less (2.2.1)
      commonjs (~> 0.2.6)
    libv8 (3.3.10.4)
    multi_json (1.3.6)
    rack (1.4.1)
    rake (0.9.2.2)
    sass (3.2.1)
    sprockets (2.4.5)
      hike (~> 1.2)
      multi_json (~> 1.0)
      rack (~> 1.0)
      tilt (~> 1.1, != 1.3.0)
    therubyracer (0.10.2)
      libv8 (~> 3.3.10)
    thin (1.4.1)
      daemons (>= 1.0.9)
      eventmachine (>= 0.12.6)
      rack (>= 1.0.0)
    tilt (1.3.3)

PLATFORMS
  ruby

DEPENDENCIES
  gearup!
  rake (~> 0.9.2.2)
